PATH
  remote: .
  specs:
    js-client-bridge (0.1.0)
      json (~> 1.4.6)

GEM
  remote: http://rubygems.org/
  specs:
    addressable (2.2.1)
    archive-tar-minitar (0.5.2)
    columnize (0.3.1)
    dm-core (1.0.2)
      addressable (~> 2.2)
      extlib (~> 0.9.15)
    extlib (0.9.15)
    json (1.4.6)
    linecache19 (0.5.11)
      ruby_core_source (>= 0.1.4)
    mocha (0.9.8)
      rake
    rake (0.8.7)
    rcov (0.9.9)
    rspec (1.3.0)
    ruby-debug-base19 (0.11.24)
      columnize (>= 0.3.1)
      linecache19 (>= 0.5.11)
      ruby_core_source (>= 0.1.4)
    ruby-debug19 (0.11.6)
      columnize (>= 0.3.1)
      linecache19 (>= 0.5.11)
      ruby-debug-base19 (>= 0.11.19)
    ruby_core_source (0.1.4)
      archive-tar-minitar (>= 0.5.2)

PLATFORMS
  ruby

DEPENDENCIES
  bundler (>= 1.0.0)
  dm-core (~> 1.0.2)
  js-client-bridge!
  json (~> 1.4.6)
  mocha (~> 0.9.8)
  rcov (~> 0.9.8)
  rspec (~> 1.3.0)
  ruby-debug19 (~> 0.11.6)
